GEM
  remote: https://rubygems.org/
  specs:
    coderay (1.1.2)
    interactor (3.1.0)
    method_source (0.9.0)
    pry (0.11.3)
      coderay (~> 1.1.0)
      method_source (~> 0.9.0)
    recursive-open-struct (1.0.5)

PLATFORMS
  ruby

DEPENDENCIES
  interactor
  pry
  recursive-open-struct

BUNDLED WITH
   1.16.1
